GEM
  remote: https://rubygems.org/
  specs:
    sass (3.4.15)
    true (2.0.2)
      sass (~> 3.4)

PLATFORMS
  ruby

DEPENDENCIES
  true
